GEM
  remote: https://rubygems.org/
  specs:
    addressable (2.3.5)
    faraday (0.8.8)
      multipart-post (~> 1.2.0)
    json (1.8.1)
    multipart-post (1.2.0)
    netrc (0.7.7)
    octokit (2.7.0)
      sawyer (~> 0.5.2)
    sawyer (0.5.2)
      addressable (~> 2.3.5)
      faraday (~> 0.8, < 0.10)
    sequel (4.5.0)

PLATFORMS
  ruby

DEPENDENCIES
  json
  netrc
  octokit
  sequel
